GIT
  remote: https://github.com/nige-personal/exchange_rate.git
  revision: 4c2ae46f482eb4d5e6f28e622a1950541d4b7733
  tag: 1.0.0
  specs:
    exchange_rate (1.0.0)
      bigdecimal
      eu_central_bank
      handler_registerable
      nokogiri
      rake (~> 10.0)

PATH
  remote: .
  specs:
    sinatra_app (0.1.0)
      exchange_rate (~> 1.0)
      haml
      sinatra

GEM
  remote: https://rubygems.org/
  specs:
    bigdecimal (1.3.4)
    chronic (0.10.2)
    coderay (1.1.2)
    concurrent-ruby (1.0.5)
    diff-lcs (1.3)
    eu_central_bank (1.2.0)
      money (~> 6.10.1)
      nokogiri (~> 1.8.1)
    haml (5.0.4)
      temple (>= 0.8.0)
      tilt
    handler_registerable (0.0.1)
    i18n (0.9.5)
      concurrent-ruby (~> 1.0)
    method_source (0.9.0)
    mini_portile2 (2.3.0)
    money (6.10.1)
      i18n (>= 0.6.4, < 1.0)
    mustermann (1.0.2)
    nokogiri (1.8.2)
      mini_portile2 (~> 2.3.0)
    pry (0.11.3)
      coderay (~> 1.1.0)
      method_source (~> 0.9.0)
    rack (2.0.5)
    rack-protection (2.0.1)
      rack
    rake (10.5.0)
    rspec (3.7.0)
      rspec-core (~> 3.7.0)
      rspec-expectations (~> 3.7.0)
      rspec-mocks (~> 3.7.0)
    rspec-core (3.7.1)
      rspec-support (~> 3.7.0)
    rspec-expectations (3.7.0)
      diff-lcs (>= 1.2.0, < 2.0)
      rspec-support (~> 3.7.0)
    rspec-mocks (3.7.0)
      diff-lcs (>= 1.2.0, < 2.0)
      rspec-support (~> 3.7.0)
    rspec-support (3.7.1)
    sinatra (2.0.1)
      mustermann (~> 1.0)
      rack (~> 2.0)
      rack-protection (= 2.0.1)
      tilt (~> 2.0)
    temple (0.8.0)
    tilt (2.0.8)
    whenever (0.10.0)
      chronic (>= 0.6.3)

PLATFORMS
  ruby

DEPENDENCIES
  bundler (~> 1.16)
  exchange_rate!
  pry
  rake (~> 10.0)
  rspec (~> 3.0)
  sinatra_app!
  whenever

BUNDLED WITH
   1.16.1
